GEM
  remote: https://rubygems.org/
  specs:
    addressable (2.3.5)
    bson (1.9.1)
    diff-lcs (1.2.4)
    heroku (2.9.0)
      launchy (>= 0.3.2)
      rest-client (~> 1.6.1)
      rubyzip
      term-ansicolor (~> 1.0.5)
    launchy (2.3.0)
      addressable (~> 2.3)
    metaclass (0.0.1)
    mime-types (1.23)
    mocha (0.14.0)
      metaclass (~> 0.0.1)
    mongo (1.9.1)
      bson (~> 1.9.1)
    rake (10.1.0)
    rest-client (1.6.7)
      mime-types (>= 1.16)
    rspec (2.13.0)
      rspec-core (~> 2.13.0)
      rspec-expectations (~> 2.13.0)
      rspec-mocks (~> 2.13.0)
    rspec-core (2.13.1)
    rspec-expectations (2.13.0)
      diff-lcs (>= 1.1.3, < 2.0)
    rspec-mocks (2.13.1)
    rubyzip (0.9.9)
    term-ansicolor (1.0.7)
    trollop (2.0)

PLATFORMS
  ruby

DEPENDENCIES
  heroku (= 2.9.0)
  mocha (= 0.14.0)
  mongo (= 1.9.1)
  rake (= 10.1.0)
  rspec (= 2.13.0)
  trollop (= 2.0)
